GEM
  remote: https://rubygems.org/
  specs:
    concurrent-ruby (1.3.4)
    dry-auto_inject (1.0.1)
      dry-core (~> 1.0)
      zeitwerk (~> 2.6)
    dry-container (0.11.0)
      concurrent-ruby (~> 1.0)
    dry-core (1.0.0)
      concurrent-ruby (~> 1.0)
      zeitwerk (~> 2.6)
    zeitwerk (2.6.17)

PLATFORMS
  ruby

DEPENDENCIES
  dry-auto_inject
  dry-container

BUNDLED WITH
   2.1.4
